GEM
  remote: http://api.rubygems.org/
  specs:
    chunky_png (1.3.0)
      rake
      rspec (~> 2.2)
    compass (1.0.0.alpha.19)
      chunky_png (~> 1.2)
      compass-core (~> 1.0.0.alpha.19)
      compass-import-once (~> 1.0.3)
      json
      listen (~> 1.1.0)
      sass (>= 3.3.0, < 3.5)
    compass-core (1.0.0.alpha.19)
      bundler
      multi_json (~> 1.0)
      rake
      sass (>= 3.3.0, < 3.5)
    compass-import-once (1.0.4)
      bundler (~> 1.3)
      diff-lcs
      rake
      sass (>= 3.2, < 3.5)
      sass-globbing
    dotenv (0.10.0)
      rake
      rspec
    ffi (1.9.3)
      rake
      rake-compiler (>= 0.6.0)
      rspec
      rubygems-tasks
    foreman (0.63.0)
      dotenv (>= 0.7)
      thor (>= 0.13.6)
    json (1.8.1)
      permutation
      sdoc (~> 0.3.16)
    listen (1.1.6)
      bundler
      rb-fsevent (>= 0.9.3)
      rb-inotify (>= 0.9)
      rb-kqueue (>= 0.2)
      rspec
    multi_json (1.9.2)
      bundler (~> 1.0)
    rb-fsevent (0.9.4)
      bundler (~> 1.0)
      guard-rspec (~> 4.2)
      rspec (~> 2.11)
    rb-inotify (0.9.3)
      ffi (>= 0.5.0)
      yard (>= 0.4.0)
    rb-kqueue (0.2.2)
      ffi (>= 0.5.0)
      yard (>= 0.4.0)
    sass (3.3.4)
      maruku (>= 0.5.9)
      yard (>= 0.5.3)
    thor (0.19.1)
      bundler (~> 1.0)

PLATFORMS
  ruby

DEPENDENCIES
  chunky_png (~> 1.2)
  compass (>= 0.12.4)
  compass-core (~> 1.0.0.alpha.19)
  compass-import-once (~> 1.0.3)
  dotenv (>= 0.7)
  ffi (>= 0.5.0)
  foreman (>= 0.63.0)
  json
  listen (~> 1.1.0)
  multi_json (~> 1.0)
  rb-fsevent (>= 0.9.3)
  rb-inotify (>= 0.9)
  rb-kqueue (>= 0.2)
  sass (>= 3.3.0, < 3.5)
  thor (>= 0.13.6)
